GEM
  remote: http://rubygems.org/
  specs:
    addressable (2.8.6)
      public_suffix (>= 2.0.2, < 6.0)
    ansi (1.5.0)
    ast (2.4.2)
    builder (3.2.4)
    docile (1.4.0)
    json-schema (4.3.0)
      addressable (>= 2.8)
    minitest (5.22.3)
    minitest-reporters (1.6.1)
      ansi
      builder
      minitest (>= 5.0)
      ruby-progressbar
    msgpack (1.7.2)
    oga (3.4)
      ast
      ruby-ll (~> 2.1)
    parallel (1.24.0)
    public_suffix (5.0.5)
    rake (13.2.1)
    ruby-ll (2.1.3)
      ansi
      ast
    ruby-progressbar (1.13.0)
    rubyzip (2.3.2)
    simplecov (0.22.0)
      docile (~> 1.1)
      simplecov-html (~> 0.11)
      simplecov_json_formatter (~> 0.1)
    simplecov-html (0.12.3)
    simplecov_json_formatter (0.1.4)

PLATFORMS
  x86_64-linux

DEPENDENCIES
  json-schema
  minitest (~> 5.9)
  minitest-reporters
  msgpack
  oga
  parallel
  rake
  rubyzip
  simplecov
  simplecov-html

BUNDLED WITH
   2.4.7
